GEM
  specs:
    concurrent-ruby (1.1.7)
    tzinfo (2.0.2)
      concurrent-ruby (~> 1.0)
    tzinfo-data (1.2020.1)
      tzinfo (>= 1.0.0)
    wdm (0.1.1)

PLATFORMS
  x64-mingw32

DEPENDENCIES
  tzinfo (~> 2.0)
  tzinfo-data
  wdm (~> 0.1.1)

BUNDLED WITH
   2.1.4
